PATH
  remote: .
  specs:
    yahoo_weatherman (2.0.0)
      nokogiri

GEM
  remote: https://rubygems.org/
  specs:
    diff-lcs (1.1.3)
    fakeweb (1.3.0)
    mini_portile2 (2.5.1)
    nokogiri (1.11.4)
      mini_portile2 (~> 2.5.0)
      racc (~> 1.4)
    racc (1.5.2)
    rspec (2.11.0)
      rspec-core (~> 2.11.0)
      rspec-expectations (~> 2.11.0)
      rspec-mocks (~> 2.11.0)
    rspec-core (2.11.1)
    rspec-expectations (2.11.3)
      diff-lcs (~> 1.1.3)
    rspec-mocks (2.11.3)

PLATFORMS
  ruby

DEPENDENCIES
  fakeweb
  rspec
  yahoo_weatherman!
